GEM
  remote: https://rubygems.org/
  specs:
    RedCloth (4.2.9)
    ansi (1.5.0)
    asciidoctor (1.5.8)
    ast (2.4.0)
    awestruct (0.6.0)
      asciidoctor (~> 1.5, >= 1.5.2)
      git (~> 1.2, >= 1.2.6)
      guard (~> 2.0, >= 2.13.0)
      guard-livereload (~> 2.0, >= 2.1.2)
      haml (>= 4.0.5, < 6.0)
      listen (~> 3.1)
      logging (~> 2.2)
      mime-types (~> 3.0)
      oga (~> 2.0)
      parallel (~> 1.0, > 1.1.1)
      rack (~> 2.0)
      rest-client (~> 2.0)
      tilt (~> 2.0, >= 2.0.1)
    blankslate (2.1.2.4)
    blockenspiel (0.4.5)
    bootstrap-sass (3.1.1.1)
      sass (~> 3.2)
    chunky_png (1.2.9)
    coderay (1.1.2)
    compass (0.12.2)
      chunky_png (~> 1.2)
      fssm (>= 0.2.7)
      sass (~> 3.1)
    compass-960-plugin (0.10.4)
      compass (>= 0.10.0)
    domain_name (0.5.20190701)
      unf (>= 0.0.5, < 1.0.0)
    em-websocket (0.5.1)
      eventmachine (>= 0.12.9)
      http_parser.rb (~> 0.6.0)
    eventmachine (1.2.7)
    ffi (1.12.2)
    formatador (0.2.5)
    fssm (0.2.8.1)
    git (1.2.9.1)
    guard (2.16.2)
      formatador (>= 0.2.4)
      listen (>= 2.7, < 4.0)
      lumberjack (>= 1.0.12, < 2.0)
      nenv (~> 0.1)
      notiffany (~> 0.0)
      pry (>= 0.9.12)
      shellany (~> 0.0)
      thor (>= 0.18.1)
    guard-compat (1.2.1)
    guard-livereload (2.5.2)
      em-websocket (~> 0.5)
      guard (~> 2.8)
      guard-compat (~> 1.0)
      multi_json (~> 1.8)
    haml (4.0.7)
      tilt
    hashery (1.4.0)
    hpricot (0.8.6)
    http-accept (1.7.0)
    http-cookie (1.0.3)
      domain_name (~> 0.5)
    http_parser.rb (0.6.0)
    json (1.6.8)
    listen (3.2.1)
      rb-fsevent (~> 0.10, >= 0.10.3)
      rb-inotify (~> 0.9, >= 0.9.10)
    little-plugger (1.1.4)
    logging (2.2.2)
      little-plugger (~> 1.1)
      multi_json (~> 1.10)
    lumberjack (1.2.4)
    method_source (1.0.0)
    mime-types (3.3.1)
      mime-types-data (~> 3.2015)
    mime-types-data (3.2020.0512)
    multi_json (1.14.1)
    nenv (0.3.0)
    netrc (0.11.0)
    notiffany (0.1.3)
      nenv (~> 0.1)
      shellany (~> 0.0)
    oga (2.15)
      ast
      ruby-ll (~> 2.1)
    org-ruby (0.5.3)
      rubypants (>= 0.2.0)
    parallel (1.19.1)
    pry (0.13.1)
      coderay (~> 1.1)
      method_source (~> 1.0)
    rack (2.2.2)
    rb-fsevent (0.10.4)
    rb-inotify (0.10.1)
      ffi (~> 1.0)
    rdiscount (1.6.8)
    rest-client (2.1.0)
      http-accept (>= 1.7.0, < 2.0)
      http-cookie (>= 1.0.2, < 2.0)
      mime-types (>= 1.16, < 4.0)
      netrc (~> 0.8)
    ruby-ll (2.1.2)
      ansi
      ast
    rubypants (0.2.0)
    sass (3.7.4)
      sass-listen (~> 4.0.0)
    sass-listen (4.0.0)
      rb-fsevent (~> 0.9, >= 0.9.4)
      rb-inotify (~> 0.9, >= 0.9.7)
    shellany (0.0.1)
    thor (1.0.1)
    tilt (2.0.10)
    unf (0.1.4)
      unf_ext
    unf_ext (0.0.7.7)
    versionomy (0.4.4)
      blockenspiel (>= 0.4.5)

PLATFORMS
  ruby

DEPENDENCIES
  RedCloth (~> 4.2.9)
  asciidoctor (>= 0.1.1)
  awestruct (= 0.6.0)
  blankslate (~> 2.1.2.4)
  blockenspiel (~> 0.4.3)
  bootstrap-sass (~> 3.1.1)
  chunky_png (~> 1.2.5)
  compass (~> 0.12.1)
  compass-960-plugin (~> 0.10.4)
  fssm (~> 0.2.8.1)
  git (~> 1.2.5)
  haml (~> 4.0.1)
  hashery (~> 1.4.0)
  hpricot (~> 0.8.6)
  json (~> 1.6.6)
  org-ruby (~> 0.5.3)
  rdiscount (~> 1.6.8)
  rubypants (~> 0.2.0)
  sass (~> 3.2)
  versionomy (~> 0.4.3)

BUNDLED WITH
   1.17.3
